PATH
  remote: .
  specs:
    rulers (1.12.22)
      minitest
      rack (~> 2.2)
      rack-test
      webrick

GEM
  remote: https://rubygems.org/
  specs:
    minitest (5.16.3)
    rack (2.2.4)
    rack-test (2.0.2)
      rack (>= 1.3)
    rake (13.0.6)
    webrick (1.7.0)

PLATFORMS
  x86_64-linux

DEPENDENCIES
  rake (~> 13.0)
  rulers!

BUNDLED WITH
   2.3.26
