PATH
  remote: .
  specs:
    rulers (3.01.23)
      minitest
      rack (~> 2.2)
      rack-test
      webrick

GEM
  remote: https://rubygems.org/
  specs:
    minitest (5.17.0)
    rack (2.2.5)
    rack-test (2.0.2)
      rack (>= 1.3)
    rake (13.0.6)
    webrick (1.7.0)

PLATFORMS
  x86_64-linux

DEPENDENCIES
  rake (~> 13.0)
  rulers!

BUNDLED WITH
   2.3.26
